GEM
  remote: https://rubygems.org/
  specs:
    awesome_print (1.7.0)
    haml (5.0.1)
      temple (>= 0.8.0)
      tilt
    temple (0.8.0)
    tilt (2.0.7)

PLATFORMS
  ruby

DEPENDENCIES
  awesome_print
  haml

RUBY VERSION
   ruby 2.4.0p0

BUNDLED WITH
   1.15.1
